PATH
  remote: .
  specs:
    chilling_effects (0.0.1.ksr0)
      activemodel (~> 4.0)
      activesupport (~> 4.0)
      faraday (~> 0.9)
      faraday_middleware (~> 0.9)
      hashie (~> 3.4)
      validate_url (~> 1.0)

GEM
  remote: https://rubygems.org/
  specs:
    activemodel (4.1.4)
      activesupport (= 4.1.4)
      builder (~> 3.1)
    activesupport (4.1.4)
      i18n (~> 0.6, >= 0.6.9)
      json (~> 1.7, >= 1.7.7)
      minitest (~> 5.1)
      thread_safe (~> 0.1)
      tzinfo (~> 1.1)
    addressable (2.3.8)
    builder (3.2.2)
    coderay (1.1.0)
    faraday (0.9.1)
      multipart-post (>= 1.2, < 3)
    faraday_middleware (0.10.0)
      faraday (>= 0.7.4, < 0.10)
    hashie (3.4.2)
    i18n (0.6.11)
    json (1.8.1)
    method_source (0.8.2)
    minitest (5.4.0)
    multipart-post (2.0.0)
    pry (0.10.0)
      coderay (~> 1.1.0)
      method_source (~> 0.8.1)
      slop (~> 3.4)
    rake (10.4.2)
    rdoc (4.2.0)
      json (~> 1.4)
    shoulda (3.5.0)
      shoulda-context (~> 1.0, >= 1.0.1)
      shoulda-matchers (>= 1.4.1, < 3.0)
    shoulda-context (1.2.1)
    shoulda-matchers (2.6.1)
      activesupport (>= 3.0.0)
    slop (3.5.0)
    thread_safe (0.3.4)
    tzinfo (1.2.1)
      thread_safe (~> 0.1)
    validate_url (1.0.0)
      activemodel (>= 3.0.0)
      addressable
    vcr (2.9.2)

PLATFORMS
  ruby

DEPENDENCIES
  bundler (~> 1.10)
  chilling_effects!
  pry (~> 0.10)
  rake (~> 10.4)
  rdoc (~> 4.2)
  shoulda (~> 3.5)
  vcr (~> 2.9)

BUNDLED WITH
   1.10.5
