PATH
  remote: .
  specs:
    chilling_effects (0.0.1)
      activemodel
      activesupport
      faraday (~> 0.9.0)
      hashie (~> 3.4.2)
      validate_url

GEM
  remote: https://rubygems.org/
  specs:
    activemodel (7.0.4.3)
      activesupport (= 7.0.4.3)
    activesupport (7.0.4.3)
      concurrent-ruby (~> 1.0, >= 1.0.2)
      i18n (>= 1.6, < 2)
      minitest (>= 5.1)
      tzinfo (~> 2.0)
    addressable (2.3.8)
    coderay (1.1.0)
    concurrent-ruby (1.2.2)
    faraday (0.9.1)
      multipart-post (>= 1.2, < 3)
    hashie (3.4.2)
    i18n (1.12.0)
      concurrent-ruby (~> 1.0)
    json (1.8.6)
    method_source (0.8.2)
    minitest (5.18.0)
    multipart-post (2.0.0)
    pry (0.10.0)
      coderay (~> 1.1.0)
      method_source (~> 0.8.1)
      slop (~> 3.4)
    rake (10.3.2)
    rdoc (4.1.1)
      json (~> 1.4)
    shoulda (3.5.0)
      shoulda-context (~> 1.0, >= 1.0.1)
      shoulda-matchers (>= 1.4.1, < 3.0)
    shoulda-context (1.2.1)
    shoulda-matchers (2.8.0)
      activesupport (>= 3.0.0)
    slop (3.5.0)
    tzinfo (2.0.6)
      concurrent-ruby (~> 1.0)
    validate_url (1.0.0)
      activemodel (>= 3.0.0)
      addressable
    vcr (2.9.2)

PLATFORMS
  ruby

DEPENDENCIES
  bundler
  chilling_effects!
  pry
  rake
  rdoc
  shoulda
  vcr

BUNDLED WITH
   1.10.5
