PATH
  remote: .
  specs:
    chilling_effects (0.0.2.ksr2)
      activemodel (>= 4)
      activesupport (>= 4)
      faraday (>= 0.9, < 2.0.0)
      faraday_middleware (>= 0.9, < 2.0.0)
      hashie (~> 3.4)
      validate_url (~> 1.0)

GEM
  remote: https://rubygems.org/
  specs:
    activemodel (5.1.2)
      activesupport (= 5.1.2)
    activesupport (5.1.2)
      concurrent-ruby (~> 1.0, >= 1.0.2)
      i18n (~> 0.7)
      minitest (~> 5.1)
      tzinfo (~> 1.1)
    coderay (1.1.1)
    concurrent-ruby (1.0.5)
    faraday (1.10.3)
      faraday-em_http (~> 1.0)
      faraday-em_synchrony (~> 1.0)
      faraday-excon (~> 1.1)
      faraday-httpclient (~> 1.0)
      faraday-multipart (~> 1.0)
      faraday-net_http (~> 1.0)
      faraday-net_http_persistent (~> 1.0)
      faraday-patron (~> 1.0)
      faraday-rack (~> 1.0)
      faraday-retry (~> 1.0)
      ruby2_keywords (>= 0.0.4)
    faraday-em_http (1.0.0)
    faraday-em_synchrony (1.0.0)
    faraday-excon (1.1.0)
    faraday-httpclient (1.0.1)
    faraday-multipart (1.0.4)
      multipart-post (~> 2)
    faraday-net_http (1.0.1)
    faraday-net_http_persistent (1.2.0)
    faraday-patron (1.0.0)
    faraday-rack (1.0.0)
    faraday-retry (1.0.3)
    faraday_middleware (1.2.0)
      faraday (~> 1.0)
    hashie (3.6.0)
    i18n (0.8.6)
    method_source (0.8.2)
    minitest (5.10.2)
    multipart-post (2.2.3)
    pry (0.10.4)
      coderay (~> 1.1.0)
      method_source (~> 0.8.1)
      slop (~> 3.4)
    public_suffix (5.0.1)
    rake (10.5.0)
    rdoc (4.3.0)
    ruby2_keywords (0.0.5)
    shoulda (3.5.0)
      shoulda-context (~> 1.0, >= 1.0.1)
      shoulda-matchers (>= 1.4.1, < 3.0)
    shoulda-context (1.2.2)
    shoulda-matchers (2.8.0)
      activesupport (>= 3.0.0)
    slop (3.6.0)
    thread_safe (0.3.6)
    tzinfo (1.2.3)
      thread_safe (~> 0.1)
    validate_url (1.0.15)
      activemodel (>= 3.0.0)
      public_suffix
    vcr (2.9.3)

PLATFORMS
  ruby

DEPENDENCIES
  bundler (~> 1.10)
  chilling_effects!
  pry (~> 0.10)
  rake (~> 10.4)
  rdoc (~> 4.2)
  shoulda (~> 3.5)
  vcr (~> 2.9)

BUNDLED WITH
   2.4.4
